PATH
  remote: .
  specs:
    codeclimate_circle_ci_coverage (0.2.1)
      codeclimate-test-reporter (>= 1.0, < 2)
      simplecov (~> 0.11)

GEM
  remote: https://rubygems.org/
  specs:
    ast (2.2.0)
    codeclimate-test-reporter (1.0.8)
      simplecov (<= 0.13)
    diff-lcs (1.2.5)
    docile (1.1.5)
    json (2.1.0)
    parser (2.3.0.6)
      ast (~> 2.2)
    powerpack (0.1.1)
    rainbow (2.1.0)
    rake (10.5.0)
    rspec (3.4.0)
      rspec-core (~> 3.4.0)
      rspec-expectations (~> 3.4.0)
      rspec-mocks (~> 3.4.0)
    rspec-core (3.4.4)
      rspec-support (~> 3.4.0)
    rspec-expectations (3.4.0)
      diff-lcs (>= 1.2.0, < 2.0)
      rspec-support (~> 3.4.0)
    rspec-mocks (3.4.1)
      diff-lcs (>= 1.2.0, < 2.0)
      rspec-support (~> 3.4.0)
    rspec-support (3.4.1)
    rubocop (0.38.0)
      parser (>= 2.3.0.6, < 3.0)
      powerpack (~> 0.1)
      rainbow (>= 1.99.1, < 3.0)
      ruby-progressbar (~> 1.7)
      unicode-display_width (~> 1.0, >= 1.0.1)
    ruby-progressbar (1.7.5)
    simplecov (0.13.0)
      docile (~> 1.1.0)
      json (>= 1.8, < 3)
      simplecov-html (~> 0.10.0)
    simplecov-html (0.10.2)
    unicode-display_width (1.0.1)

PLATFORMS
  ruby

DEPENDENCIES
  bundler (~> 1.11)
  codeclimate_circle_ci_coverage!
  rake (~> 10.0)
  rspec (~> 3.4)
  rubocop (~> 0.38)

BUNDLED WITH
   1.14.6
